NUGET
  remote: https://nuget.org/api/v2
  specs:
    Autofac (3.5.2)
    ServiceStack (3.9.71)
      ServiceStack.Common (>= 3.0 < 4.0)
      ServiceStack.OrmLite.SqlServer (>= 3.0 < 4.0)
      ServiceStack.Redis (>= 3.0 < 4.0)
    ServiceStack.Common (3.9.71)
      ServiceStack.Text (>= 3.0 < 4.0)
    ServiceStack.OrmLite.SqlServer (3.9.71)
      ServiceStack.Common (>= 3.0 < 4.0)
    ServiceStack.Redis (3.9.71)
      ServiceStack.Common (>= 3.0 < 4.0)
    ServiceStack.Text (3.9.71)
