NUGET
  remote: https://nuget.org/api/v2
  specs:
    Autofac (3.5.2)
    ServiceStack (4.0.48)
      ServiceStack.Client (>= 4.0.48)
      ServiceStack.Common (>= 4.0.48)
    ServiceStack.Client (4.0.48)
      ServiceStack.Interfaces (>= 4.0.48)
      ServiceStack.Text (>= 4.0.48)
    ServiceStack.Common (4.0.48)
      ServiceStack.Interfaces (>= 4.0.48)
      ServiceStack.Text (>= 4.0.48)
    ServiceStack.Interfaces (4.0.48)
    ServiceStack.Text (4.0.48)
